GEM
  remote: https://rubygems.org/
  specs:
    benchmark (0.2.0)

PLATFORMS
  arm64-darwin-21

DEPENDENCIES
  benchmark

BUNDLED WITH
   2.3.14
